GIT
  remote: git://github.com/iamvery/lita-reviewme.git
  revision: 9a81d912fa28e533728188892b723c9223af9cb5
  specs:
    lita-reviewme (0.5.0)
      lita (>= 3.1)
      octokit (>= 3.0, < 5.0)

GEM
  remote: https://rubygems.org/
  specs:
    addressable (2.8.0)
      public_suffix (>= 2.0.2, < 5.0)
    concurrent-ruby (1.0.5)
    eventmachine (1.2.7)
    faraday (1.5.1)
      faraday-em_http (~> 1.0)
      faraday-em_synchrony (~> 1.0)
      faraday-excon (~> 1.1)
      faraday-httpclient (~> 1.0.1)
      faraday-net_http (~> 1.0)
      faraday-net_http_persistent (~> 1.1)
      faraday-patron (~> 1.0)
      multipart-post (>= 1.2, < 3)
      ruby2_keywords (>= 0.0.4)
    faraday-em_http (1.0.0)
    faraday-em_synchrony (1.0.0)
    faraday-excon (1.1.0)
    faraday-httpclient (1.0.1)
    faraday-net_http (1.0.1)
    faraday-net_http_persistent (1.2.0)
    faraday-patron (1.0.0)
    faye-websocket (0.10.7)
      eventmachine (>= 0.12.0)
      websocket-driver (>= 0.5.1)
    http_router (0.11.2)
      rack (>= 1.0.0)
      url_mount (~> 0.2.1)
    i18n (1.0.1)
      concurrent-ruby (~> 1.0)
    ice_nine (0.11.2)
    lita (4.7.1)
      bundler (>= 1.3)
      faraday (>= 0.8.7)
      http_router (>= 0.11.2)
      i18n (>= 0.6.9)
      ice_nine (>= 0.11.0)
      multi_json (>= 1.7.7)
      puma (>= 2.7.1)
      rack (>= 1.5.2, < 2.0.0)
      rb-readline (>= 0.5.1)
      redis-namespace (>= 1.3.0)
      thor (>= 0.18.1)
    lita-karma (3.0.2)
      lita (>= 4.0)
    lita-replace (0.0.2)
      lita
    lita-slack (1.5.0)
      eventmachine
      faraday
      faye-websocket (>= 0.8.0)
      lita (>= 4.4.2)
      multi_json
    lita-slack-karma-sync (0.2.1)
      lita (>= 4.2)
      lita-karma (>= 3.0.2)
      lita-slack (>= 1.2.0)
    multi_json (1.13.1)
    multipart-post (2.1.1)
    octokit (4.21.0)
      faraday (>= 0.9)
      sawyer (~> 0.8.0, >= 0.5.3)
    public_suffix (4.0.6)
    puma (3.12.4)
    rack (1.6.10)
    rb-readline (0.5.5)
    redis (3.3.5)
    redis-namespace (1.6.0)
      redis (>= 3.0.4)
    ruby2_keywords (0.0.4)
    sawyer (0.8.2)
      addressable (>= 2.3.5)
      faraday (> 0.8, < 2.0)
    thor (0.20.0)
    url_mount (0.2.1)
      rack
    websocket-driver (0.7.0)
      websocket-extensions (>= 0.1.0)
    websocket-extensions (0.1.3)

PLATFORMS
  ruby

DEPENDENCIES
  lita
  lita-karma
  lita-replace
  lita-reviewme!
  lita-slack (= 1.5.0)
  lita-slack-karma-sync

BUNDLED WITH
   1.16.1
